PATH
  remote: .
  specs:
    assert_json (1.0.0)
      activesupport

GEM
  remote: https://rubygems.org/
  specs:
    activesupport (3.2.13)
      i18n (= 0.6.1)
      multi_json (~> 1.0)
    i18n (0.6.1)
    minitest (2.1.0)
    multi_json (1.7.7)

PLATFORMS
  ruby

DEPENDENCIES
  assert_json!
  minitest
